GEM
  remote: http://rubygems.org/
  specs:
    cinch (2.0.3)
    sequel (3.43.0)

PLATFORMS
  java
  ruby

DEPENDENCIES
  cinch (= 2.0.3)
  sequel (>= 3.43.0)
