GEM
  remote: http://rubygems.org/
  specs:
    cinch (2.0.3)
    sequel (3.43.0)
    sqlite3 (1.3.7)
    sqlite3 (1.3.7-x86-mingw32)

PLATFORMS
  java
  ruby
  x86-mingw32

DEPENDENCIES
  cinch (= 2.0.3)
  sequel (>= 3.43.0)
  sqlite3 (>= 1.3.7)
